{
    "RepetitionTime": 2.0,
    "EchoTime": 0.0448,
    "FlipAngle": 70.0,
    "SliceTiming": [
        0.0,
        1.0575,
        0.105,
        1.1625,
        0.2125,
        1.2675,
        0.3175,
        1.375,
        0.4225,
        1.48,
        0.53,
        1.585,
        0.635,
        1.69,
        0.74,
        1.7975,
        0.845,
        1.9025,
        0.9525,
        0.0,
        1.0575,
        0.105,
        1.1625,
        0.2125,
        1.2675,
        0.3175,
        1.375,
        0.4225,
        1.48,
        0.53,
        1.585,
        0.635,
        1.69,
        0.74,
        1.7975,
        0.845,
        1.9025,
        0.9525,
        0.0,
        1.0575,
        0.105,
        1.1625,
        0.2125,
        1.2675,
        0.3175,
        1.375,
        0.4225,
        1.48,
        0.53,
        1.585,
        0.635,
        1.69,
        0.74,
        1.7975,
        0.845,
        1.9025,
        0.9525,
        0.0,
        1.0575,
        0.105,
        1.1625,
        0.2125,
        1.2675,
        0.3175,
        1.375,
        0.4225,
        1.48,
        0.53,
        1.585,
        0.635,
        1.69,
        0.74,
        1.7975,
        0.845,
        1.9025,
        0.9525
    ],
    "MultibandAccelerationFactor": 4,
    "PhaseEncodingDirection": "j-",
    "TotalReadoutTime": 0.07029788543960597,
    "Manufacturer": "SIEMENS",
    "ManufacturersModelName": "Verio",
    "MagneticFieldStrength": 3.0,
    "TaskName": "vggsoundtrain"
}